PATH
  remote: ../bloc_record
  specs:
    bloc_record (0.0.0)
      sqlite3 (~> 1.3)

GEM
  remote: https://rubygems.org/
  specs:
    sqlite3 (1.3.13-x86-mingw32)

PLATFORMS
  x86-mingw32

DEPENDENCIES
  bloc_record!

BUNDLED WITH
   1.15.3
